PATH
  remote: .
  specs:
    tf_idf_rb (0.1.0)

GEM
  remote: https://rubygems.org/
  specs:
    coderay (1.1.2)
    ffi (1.10.0)
    mecab (0.996)
    method_source (0.9.2)
    natto (1.1.2)
      ffi (>= 1.9.0)
    pry (0.12.2)
      coderay (~> 1.1.0)
      method_source (~> 0.9.0)
    rake (13.0.1)

PLATFORMS
  ruby

DEPENDENCIES
  bundler (~> 1.17)
  mecab
  natto
  pry
  rake (~> 13.0)
  tf_idf_rb!

BUNDLED WITH
   1.17.2
